GEM
  remote: https://rubygems.org/
  specs:
    nokogiri (1.8.0-java)

PLATFORMS
  java

DEPENDENCIES
  nokogiri

BUNDLED WITH
   1.14.6
